GEM
  remote: https://rubygems.org/
  specs:
    rmagick (2.15.4)

PLATFORMS
  ruby

DEPENDENCIES
  rmagick

BUNDLED WITH
   1.10.6
